PATH
  remote: .
  specs:
    scroll_to_presenter_plugin (0.0.2)

GEM
  remote: https://rubygems.org/
  specs:
    rake (10.5.0)

PLATFORMS
  ruby

DEPENDENCIES
  bundler (~> 2.0)
  rake (~> 10.0)
  scroll_to_presenter_plugin!

BUNDLED WITH
   2.2.19
